GEM
  specs:

GEM
  remote: https://rubygems.org/
  specs:
    byebug (11.1.3)
    rake (13.2.1)
    rubyzip (2.3.2)

PLATFORMS
  x86_64-darwin-22

DEPENDENCIES
  byebug!
  rake!
  rubyzip!

BUNDLED WITH
   2.4.15
